GEM
  remote: https://rubygems.org/
  specs:
    nokogiri (1.15.3-x86_64-linux)
      racc (~> 1.4)
    racc (1.7.1)

PLATFORMS
  x86_64-linux

DEPENDENCIES
  nokogiri (~> 1.15, >= 1.15.3)

BUNDLED WITH
   2.3.24
